PATH
  remote: .
  specs:
    parallel (0.8.4)

GEM
  remote: https://rubygems.org/
  specs:
    activemodel (4.0.0)
      activesupport (= 4.0.0)
      builder (~> 3.1.0)
    activerecord (4.0.0)
      activemodel (= 4.0.0)
      activerecord-deprecated_finders (~> 1.0.2)
      activesupport (= 4.0.0)
      arel (~> 4.0.0)
    activerecord-deprecated_finders (1.0.3)
    activesupport (4.0.0)
      i18n (~> 0.6, >= 0.6.4)
      minitest (~> 4.2)
      multi_json (~> 1.3)
      thread_safe (~> 0.1)
      tzinfo (~> 0.3.37)
    arel (4.0.0)
    atomic (1.1.14)
    atomic (1.1.14-java)
    builder (3.1.4)
    bump (0.3.5)
    diff-lcs (1.1.3)
    i18n (0.6.5)
    minitest (4.7.5)
    multi_json (1.8.0)
    mysql2 (0.3.13)
    pg (0.17.0)
    pg (0.17.0-x86-mingw32)
    rake (10.0.2)
    rspec (2.12.0)
      rspec-core (~> 2.12.0)
      rspec-expectations (~> 2.12.0)
      rspec-mocks (~> 2.12.0)
    rspec-core (2.12.0)
    rspec-expectations (2.12.0)
      diff-lcs (~> 1.1.3)
    rspec-mocks (2.12.0)
    thread_safe (0.1.3)
      atomic
    thread_safe (0.1.3-java)
      atomic
    tzinfo (0.3.37)

PLATFORMS
  java
  ruby
  x86-mingw32

DEPENDENCIES
  activerecord
  bump
  mysql2
  parallel!
  pg
  rake
  rspec (~> 2)
